GEM
  remote: https://rubygems.org/
  specs:
    activesupport (4.2.1)
      i18n (~> 0.7)
      json (~> 1.7, >= 1.7.7)
      minitest (~> 5.1)
      thread_safe (~> 0.3, >= 0.3.4)
      tzinfo (~> 1.1)
    awesome_print (1.2.0)
    coderay (1.1.0)
    escort (0.4.0)
      nesty
    faraday (0.9.1)
      multipart-post (>= 1.2, < 3)
    fuzzyurl (0.2.2)
    hyperresource (0.9.1)
      faraday (>= 0.8.6)
      fuzzyurl (= 0.2.2)
      json
      uri_template (>= 0.5.2)
    i18n (0.7.0)
    json (1.8.2)
    method_source (0.8.2)
    minitest (5.6.1)
    multipart-post (2.0.0)
    nesty (1.0.2)
    pry (0.10.1)
      coderay (~> 1.1.0)
      method_source (~> 0.8.1)
      slop (~> 3.4)
    slop (3.6.0)
    thread_safe (0.3.5)
    tzinfo (1.2.2)
      thread_safe (~> 0.1)
    uri_template (0.7.0)

PLATFORMS
  ruby

DEPENDENCIES
  activesupport
  awesome_print
  escort
  hyperresource
  pry
